GEM
  remote: http://rubygems.org/
  specs:
    amq-protocol (1.7.0)
    bunny (0.10.2)
      amq-protocol (>= 1.6.0)
    diff-lcs (1.2.4)
    rspec (2.13.0)
      rspec-core (~> 2.13.0)
      rspec-expectations (~> 2.13.0)
      rspec-mocks (~> 2.13.0)
    rspec-core (2.13.1)
    rspec-expectations (2.13.0)
      diff-lcs (>= 1.1.3, < 2.0)
    rspec-mocks (2.13.1)
    sequel (4.1.1)
    sqlite3 (1.3.8)

PLATFORMS
  ruby

DEPENDENCIES
  bunny (>= 0.10.0)
  rspec
  sequel
  sqlite3
